GIT
  remote: https://github.com/cjAdvertising/knife-server.git
  revision: 3a0690dab67dccb44e9c0b9db3c0eefbafa41996
  ref: ssh-identity
  specs:
    knife-server (0.3.1.dev)
      chef (>= 0.10.10)
      fog (~> 1.3)
      knife-ec2 (~> 0.5.12)
      net-ssh

GIT
  remote: https://github.com/cjAdvertising/spiceweasel.git
  revision: ca76b151f28c844a124150c4bb7fd91ce23b9e45
  ref: knife-server
  specs:
    spiceweasel (1.2.0)
      json
      mixlib-cli

GEM
  remote: http://rubygems.org/
  specs:
    archive-tar-minitar (0.5.2)
    builder (3.1.3)
    bunny (0.7.9)
    chef (10.14.4)
      bunny (>= 0.6.0, < 0.8.0)
      erubis
      highline (>= 1.6.9)
      json (>= 1.4.4, <= 1.6.1)
      mixlib-authentication (>= 1.3.0)
      mixlib-cli (>= 1.1.0)
      mixlib-config (>= 1.1.2)
      mixlib-log (>= 1.3.0)
      mixlib-shellout
      moneta
      net-ssh (~> 2.2.2)
      net-ssh-multi (~> 1.1.0)
      ohai (>= 0.6.0)
      rest-client (>= 1.0.4, < 1.7.0)
      treetop (~> 1.4.9)
      uuidtools
      yajl-ruby (~> 1.1)
    childprocess (0.3.5)
      ffi (~> 1.0, >= 1.0.6)
    coderay (1.0.8)
    erubis (2.7.0)
    excon (0.16.4)
    ffi (1.1.5)
    fog (1.6.0)
      builder
      excon (~> 0.14)
      formatador (~> 0.2.0)
      mime-types
      multi_json (~> 1.0)
      net-scp (~> 1.0.4)
      net-ssh (>= 2.1.3)
      nokogiri (~> 1.5.0)
      ruby-hmac
    formatador (0.2.3)
    highline (1.6.15)
    i18n (0.6.1)
    ipaddress (0.8.0)
    json (1.5.4)
    knife-crawl (0.0.1)
    knife-ec2 (0.5.14)
      chef (>= 0.10.10)
      fog (~> 1.3)
    knife-env-diff (0.0.4)
    knife-openstack (0.6.2)
      chef (>= 0.10.10)
      fog (~> 1.4)
    librarian (0.0.24)
      archive-tar-minitar (>= 0.5.2)
      chef (>= 0.10)
      highline
      thor (~> 0.15)
    log4r (1.1.10)
    method_source (0.8)
    mime-types (1.19)
    mixlib-authentication (1.3.0)
      mixlib-log
    mixlib-cli (1.2.2)
    mixlib-config (1.1.2)
    mixlib-log (1.4.1)
    mixlib-shellout (1.1.0)
    moneta (0.6.0)
    multi_json (1.3.6)
    net-scp (1.0.4)
      net-ssh (>= 1.99.1)
    net-ssh (2.2.2)
    net-ssh-gateway (1.1.0)
      net-ssh (>= 1.99.1)
    net-ssh-multi (1.1)
      net-ssh (>= 2.1.4)
      net-ssh-gateway (>= 0.99.0)
    nokogiri (1.5.5)
    ohai (6.14.0)
      ipaddress
      mixlib-cli
      mixlib-config
      mixlib-log
      systemu
      yajl-ruby
    polyglot (0.3.3)
    pry (0.9.10)
      coderay (~> 1.0.5)
      method_source (~> 0.8)
      slop (~> 3.3.1)
    rest-client (1.6.7)
      mime-types (>= 1.16)
    ruby-hmac (0.4.0)
    slop (3.3.3)
    systemu (2.5.2)
    thor (0.16.0)
    treetop (1.4.10)
      polyglot
      polyglot (>= 0.3.1)
    ubuntu_ami (0.4.0)
    uuidtools (2.1.3)
    vagrant (1.0.5)
      archive-tar-minitar (= 0.5.2)
      childprocess (~> 0.3.1)
      erubis (~> 2.7.0)
      i18n (~> 0.6.0)
      json (~> 1.5.1)
      log4r (~> 1.1.9)
      net-scp (~> 1.0.4)
      net-ssh (~> 2.2.2)
    vagrant-hostmaster (0.8.1)
      vagrant (~> 1.0.3)
    vagrant-vbguest (0.4.0)
    yajl-ruby (1.1.0)

PLATFORMS
  ruby

DEPENDENCIES
  chef
  knife-crawl
  knife-ec2
  knife-env-diff
  knife-openstack
  knife-server!
  librarian
  pry
  spiceweasel!
  ubuntu_ami
  vagrant (~> 1.0.5)
  vagrant-hostmaster
  vagrant-vbguest
